GEM
  remote: http://rubygems.org/
  specs:
    adsf (1.1.1)
      rack (>= 1.0.0)
    coderay (1.0.9)
    colored (1.2)
    cri (2.3.0)
      colored (>= 1.2)
    kramdown (0.13.8)
    mime-types (1.24)
    nanoc (3.6.4)
      cri (~> 2.3)
    nokogiri (1.5.10)
    posix-spawn (0.3.6)
    pygments.rb (0.3.7)
      posix-spawn (~> 0.3.6)
      yajl-ruby (~> 1.1.0)
    rack (1.5.2)
    rake (0.9.6)
    yajl-ruby (1.1.0)

PLATFORMS
  ruby

DEPENDENCIES
  adsf
  coderay
  kramdown (~> 0.13.2)
  mime-types (~> 1.16)
  nanoc
  nokogiri (~> 1.5.9)
  pygments.rb (~> 0.3.3)
  rake (~> 0.9.2)
  yajl-ruby (~> 1.1.0)
